GIT
  remote: git@github.com:ncareol/catalog_models.git
  revision: b5e16be77aa4f5d90eb746e7d00b9aafe72685aa
  tag: v1.7.1
  specs:
    catalog_models (1.7.1)
      activerecord (= 3.2.16)
      mysql2

GEM
  remote: http://rubygems.org/
  specs:
    activemodel (3.2.16)
      activesupport (= 3.2.16)
      builder (~> 3.0.0)
    activerecord (3.2.16)
      activemodel (= 3.2.16)
      activesupport (= 3.2.16)
      arel (~> 3.0.2)
      tzinfo (~> 0.3.29)
    activesupport (3.2.16)
      i18n (~> 0.6, >= 0.6.4)
      multi_json (~> 1.0)
    arel (3.0.3)
    builder (3.0.4)
    bundler-unload (1.0.2)
    executable-hooks (1.3.1)
    i18n (0.6.9)
    multi_json (1.8.4)
    mysql2 (0.3.15)
    rubygems-bundler (1.4.2)
      bundler-unload (>= 1.0.2)
      executable-hooks (>= 1.2.5)
    tzinfo (0.3.38)

PLATFORMS
  ruby

DEPENDENCIES
  catalog_models!
  mysql2
  rubygems-bundler
